GEM
  remote: https://rubygems.org/
  specs:
    activesupport (7.0.4.2)
      concurrent-ruby (~> 1.0, >= 1.0.2)
      i18n (>= 1.6, < 2)
      minitest (>= 5.1)
      tzinfo (~> 2.0)
    addressable (2.8.1)
      public_suffix (>= 2.0.2, < 6.0)
    chronic (0.10.2)
    coffee-script (2.4.1)
      coffee-script-source
      execjs
    coffee-script-source (1.12.2)
    colorator (1.1.0)
    commonmarker (0.17.13)
      ruby-enum (~> 0.5)
    concurrent-ruby (1.2.2)
    em-websocket (0.5.3)
      eventmachine (>= 0.12.9)
      http_parser.rb (~> 0)
    eventmachine (1.2.7)
    execjs (2.8.1)
    faraday (2.7.4)
      faraday-net_http (>= 2.0, < 3.1)
      ruby2_keywords (>= 0.0.4)
    faraday-net_http (3.0.2)
    ffi (1.15.5)
    ffi (1.15.5-x64-mingw-ucrt)
    forwardable-extended (2.6.0)
    gemoji (4.0.1)
    google-protobuf (3.22.1-x64-mingw-ucrt)
    google-protobuf (3.22.1-x86_64-linux)
    html-pipeline (2.14.3)
      activesupport (>= 2)
      nokogiri (>= 1.4)
    http_parser.rb (0.8.0)
    i18n (1.12.0)
      concurrent-ruby (~> 1.0)
    jekyll (4.3.2)
      addressable (~> 2.4)
      colorator (~> 1.0)
      em-websocket (~> 0.5)
      i18n (~> 1.0)
      jekyll-sass-converter (>= 2.0, < 4.0)
      jekyll-watch (~> 2.0)
      kramdown (~> 2.3, >= 2.3.1)
      kramdown-parser-gfm (~> 1.0)
      liquid (~> 4.0)
      mercenary (>= 0.3.6, < 0.5)
      pathutil (~> 0.9)
      rouge (>= 3.0, < 5.0)
      safe_yaml (~> 1.0)
      terminal-table (>= 1.8, < 4.0)
      webrick (~> 1.7)
    jekyll-avatar (0.8.0)
      jekyll (>= 3.0, < 5.0)
    jekyll-coffeescript (2.0.0)
      coffee-script (~> 2.2)
      coffee-script-source (~> 1.12)
    jekyll-commonmark (1.3.1)
      commonmarker (~> 0.14)
      jekyll (>= 3.7, < 5.0)
    jekyll-commonmark-ghpages (0.1.6)
      commonmarker (~> 0.17.6)
      jekyll-commonmark (~> 1.2)
      rouge (>= 2.0, < 4.0)
    jekyll-date-localization (0.0.5)
      i18n (~> 1.0)
    jekyll-default-layout (0.1.5)
      jekyll (>= 3.0, < 5.0)
    jekyll-feed (0.17.0)
      jekyll (>= 3.7, < 5.0)
    jekyll-gist (1.5.0)
      octokit (~> 4.2)
    jekyll-github-metadata (2.15.0)
      jekyll (>= 3.4, < 5.0)
      octokit (~> 4.0, != 4.4.0)
    jekyll-include-cache (0.2.1)
      jekyll (>= 3.7, < 5.0)
    jekyll-mentions (1.6.0)
      html-pipeline (~> 2.3)
      jekyll (>= 3.7, < 5.0)
    jekyll-optional-front-matter (0.3.2)
      jekyll (>= 3.0, < 5.0)
    jekyll-paginate (1.1.0)
    jekyll-readme-index (0.3.0)
      jekyll (>= 3.0, < 5.0)
    jekyll-redirect-from (0.16.0)
      jekyll (>= 3.3, < 5.0)
    jekyll-regex-replace (1.1.0)
    jekyll-relative-links (0.7.0)
      jekyll (>= 3.3, < 5.0)
    jekyll-remote-theme (0.4.3)
      addressable (~> 2.0)
      jekyll (>= 3.5, < 5.0)
      jekyll-sass-converter (>= 1.0, <= 3.0.0, != 2.0.0)
      rubyzip (>= 1.3.0, < 3.0)
    jekyll-sass-converter (3.0.0)
      sass-embedded (~> 1.54)
    jekyll-seo-tag (2.8.0)
      jekyll (>= 3.8, < 5.0)
    jekyll-sitemap (1.4.0)
      jekyll (>= 3.7, < 5.0)
    jekyll-swiss (1.0.0)
    jekyll-theme-architect (0.2.0)
      jekyll (> 3.5, < 5.0)
      jekyll-seo-tag (~> 2.0)
    jekyll-theme-cayman (0.2.0)
      jekyll (> 3.5, < 5.0)
      jekyll-seo-tag (~> 2.0)
    jekyll-theme-dinky (0.2.0)
      jekyll (> 3.5, < 5.0)
      jekyll-seo-tag (~> 2.0)
    jekyll-theme-hacker (0.2.0)
      jekyll (> 3.5, < 5.0)
      jekyll-seo-tag (~> 2.0)
    jekyll-theme-leap-day (0.2.0)
      jekyll (> 3.5, < 5.0)
      jekyll-seo-tag (~> 2.0)
    jekyll-theme-merlot (0.2.0)
      jekyll (> 3.5, < 5.0)
      jekyll-seo-tag (~> 2.0)
    jekyll-theme-midnight (0.2.0)
      jekyll (> 3.5, < 5.0)
      jekyll-seo-tag (~> 2.0)
    jekyll-theme-minimal (0.2.0)
      jekyll (> 3.5, < 5.0)
      jekyll-seo-tag (~> 2.0)
    jekyll-theme-modernist (0.2.0)
      jekyll (> 3.5, < 5.0)
      jekyll-seo-tag (~> 2.0)
    jekyll-theme-primer (0.6.0)
      jekyll (> 3.5, < 5.0)
      jekyll-github-metadata (~> 2.9)
      jekyll-seo-tag (~> 2.0)
    jekyll-theme-slate (0.2.0)
      jekyll (> 3.5, < 5.0)
      jekyll-seo-tag (~> 2.0)
    jekyll-theme-tactile (0.2.0)
      jekyll (> 3.5, < 5.0)
      jekyll-seo-tag (~> 2.0)
    jekyll-theme-time-machine (0.2.0)
      jekyll (> 3.5, < 5.0)
      jekyll-seo-tag (~> 2.0)
    jekyll-titles-from-headings (0.5.3)
      jekyll (>= 3.3, < 5.0)
    jekyll-watch (2.2.1)
      listen (~> 3.0)
    jemoji (0.13.0)
      gemoji (>= 3, < 5)
      html-pipeline (~> 2.2)
      jekyll (>= 3.0, < 5.0)
    kramdown (2.4.0)
      rexml
    kramdown-parser-gfm (1.1.0)
      kramdown (~> 2.0)
    liquid (4.0.4)
    listen (3.8.0)
      rb-fsevent (~> 0.10, >= 0.10.3)
      rb-inotify (~> 0.9, >= 0.9.10)
    mercenary (0.4.0)
    midnight (1.0.0)
      chronic (= 0.10.2)
      numerizer (~> 0.1.1)
    minima (2.5.1)
      jekyll (>= 3.5, < 5.0)
      jekyll-feed (~> 0.9)
      jekyll-seo-tag (~> 2.1)
    minitest (5.18.0)
    nokogiri (1.14.2-x64-mingw-ucrt)
      racc (~> 1.4)
    nokogiri (1.14.2-x86_64-linux)
      racc (~> 1.4)
    numerizer (0.1.1)
    octokit (4.25.1)
      faraday (>= 1, < 3)
      sawyer (~> 0.9)
    pathutil (0.16.2)
      forwardable-extended (~> 2.6)
    public_suffix (5.0.1)
    racc (1.6.2)
    rake (13.0.6)
    rb-fsevent (0.11.2)
    rb-inotify (0.10.1)
      ffi (~> 1.0)
    rexml (3.2.5)
    rouge (3.30.0)
    ruby-enum (0.9.0)
      i18n
    ruby2_keywords (0.0.5)
    rubyzip (2.3.2)
    safe_yaml (1.0.5)
    sass (3.7.4)
      sass-listen (~> 4.0.0)
    sass-embedded (1.58.3)
      google-protobuf (~> 3.21)
      rake (>= 10.0.0)
    sass-listen (4.0.0)
      rb-fsevent (~> 0.9, >= 0.9.4)
      rb-inotify (~> 0.9, >= 0.9.7)
    sawyer (0.9.2)
      addressable (>= 2.3.5)
      faraday (>= 0.17.3, < 3)
    terminal-table (3.0.2)
      unicode-display_width (>= 1.1.1, < 3)
    tzinfo (2.0.6)
      concurrent-ruby (~> 1.0)
    unicode-display_width (2.4.2)
    webrick (1.8.1)

PLATFORMS
  x64-mingw-ucrt
  x86_64-linux

DEPENDENCIES
  http_parser.rb (~> 0.6.0)
  jekyll (~> 4.3.2)
  jekyll-avatar
  jekyll-coffeescript
  jekyll-commonmark-ghpages
  jekyll-date-localization
  jekyll-default-layout
  jekyll-feed
  jekyll-gist
  jekyll-include-cache
  jekyll-mentions
  jekyll-optional-front-matter
  jekyll-paginate
  jekyll-readme-index
  jekyll-redirect-from
  jekyll-regex-replace
  jekyll-relative-links
  jekyll-remote-theme
  jekyll-seo-tag
  jekyll-sitemap
  jekyll-swiss
  jekyll-theme-architect
  jekyll-theme-cayman
  jekyll-theme-dinky
  jekyll-theme-hacker
  jekyll-theme-leap-day
  jekyll-theme-merlot
  jekyll-theme-midnight
  jekyll-theme-minimal
  jekyll-theme-modernist
  jekyll-theme-primer
  jekyll-theme-slate
  jekyll-theme-tactile
  jekyll-theme-time-machine
  jekyll-titles-from-headings
  jemoji
  kramdown
  kramdown-parser-gfm
  liquid
  midnight
  minima
  nokogiri
  rouge
  safe_yaml
  sass
  tzinfo (~> 1.2)
  tzinfo-data
  wdm (~> 0.1.1)
  webrick

BUNDLED WITH
   2.3.13
